GEM
  remote: http://rubygems.org/
  specs:
    CFPropertyList (2.0.17)
      libxml-ruby (>= 1.1.0)
      rake (>= 0.7.0)
    activesupport (3.1.3)
      multi_json (~> 1.0)
    addressable (2.2.6)
    eventmachine (0.12.10)
    faraday (0.7.5)
      addressable (~> 2.2.6)
      multipart-post (~> 1.1.3)
      rack (>= 1.1.0, < 2)
    httparty (0.8.1)
      multi_json
      multi_xml
    json (1.6.1)
    jsonschema (2.0.1)
    libxml-ruby (2.2.2)
    multi_json (1.0.3)
    multi_xml (0.4.1)
    multipart-post (1.1.3)
    paypal_adaptive (0.2.5)
      json (~> 1.6.0)
      jsonschema (~> 2.0.0)
      rake (~> 0.8)
    rack (1.3.5)
    rake (0.9.2.2)
    simple_oauth (0.1.5)
    twitter (2.0.0)
      activesupport (~> 3.0)
      faraday (~> 0.7)
      multi_json (~> 1.0)
      simple_oauth (~> 0.1)
      twitter-text (~> 1.4)
    twitter-text (1.4.13)
      activesupport
    uuidtools (2.1.2)

PLATFORMS
  ruby

DEPENDENCIES
  CFPropertyList
  eventmachine
  httparty
  json
  paypal_adaptive
  twitter
  uuidtools
